PATH
  remote: .
  specs:
    tagabaybay (0.1.1)

GEM
  remote: https://rubygems.org/
  specs:
    gem-release (2.1.1)
    minitest (5.12.2)
    rake (13.0.1)

PLATFORMS
  ruby

DEPENDENCIES
  bundler (~> 2.0)
  gem-release
  minitest (~> 5.0)
  rake (~> 13.0)
  tagabaybay!

BUNDLED WITH
   2.0.2
